GEM
  remote: https://rubygems.org/
  specs:
    CFPropertyList (2.2.8)
    amq-protocol (2.0.0)
    bunny (2.1.0)
      amq-protocol (>= 2.0.0)
    facter (2.4.4)
      CFPropertyList (~> 2.2.6)
    json (1.8.3)
    parseconfig (1.0.8)

PLATFORMS
  ruby

DEPENDENCIES
  bunny
  facter
  json
  parseconfig

BUNDLED WITH
   1.15.4
